GEM
  remote: http://rubygems.org/
  specs:
    listen (0.7.3)
    rb-fsevent (0.9.3)
    sass (3.3.0.alpha.184)
      listen (~> 0.7)

PLATFORMS
  ruby

DEPENDENCIES
  listen (>= 0.6.0)
  rb-fsevent (~> 0.9.1)
  sass (>= 3.3.0.alpha)
